PATH
  remote: .
  specs:
    fluent-plugin-kubernetes_metadata_filter (3.7.0)
      fluentd (>= 0.14.0, < 1.19)
      kubeclient (>= 4.0.0, < 5.0.0)
      sin_lru_redux

GEM
  remote: https://rubygems.org/
  specs:
    addressable (2.8.7)
      public_suffix (>= 2.0.2, < 7.0)
    ast (2.4.2)
    base64 (0.2.0)
    bigdecimal (3.1.9)
    bump (0.10.0)
    cgi (0.4.1)
    charlock_holmes (0.7.9)
    codeclimate-test-reporter (0.6.0)
      simplecov (>= 0.7.1, < 1.0.0)
    concurrent-ruby (1.3.5)
    cool.io (1.9.0)
    copyright-header (1.0.22)
      github-linguist
    crack (1.0.0)
      bigdecimal
      rexml
    csv (3.3.2)
    docile (1.4.1)
    domain_name (0.6.20240107)
    drb (2.2.1)
    ffi (1.17.1)
    ffi-compiler (1.3.2)
      ffi (>= 1.15.5)
      rake
    fluentd (1.18.0)
      base64 (~> 0.2)
      bundler
      cool.io (>= 1.4.5, < 2.0.0)
      csv (~> 3.2)
      drb (~> 2.2)
      http_parser.rb (>= 0.5.1, < 0.9.0)
      logger (~> 1.6)
      msgpack (>= 1.3.1, < 2.0.0)
      serverengine (>= 2.3.2, < 3.0.0)
      sigdump (~> 0.2.5)
      strptime (>= 0.2.4, < 1.0.0)
      tzinfo (>= 1.0, < 3.0)
      tzinfo-data (~> 1.0)
      webrick (~> 1.4)
      yajl-ruby (~> 1.0)
    github-linguist (9.0.0)
      cgi
      charlock_holmes (~> 0.7.7)
      mini_mime (~> 1.0)
      rugged (~> 1.0)
    hashdiff (1.1.2)
    http (5.2.0)
      addressable (~> 2.8)
      base64 (~> 0.1)
      http-cookie (~> 1.0)
      http-form_data (~> 2.2)
      llhttp-ffi (~> 0.5.0)
    http-accept (1.7.0)
    http-cookie (1.0.8)
      domain_name (~> 0.5)
    http-form_data (2.3.0)
    http_parser.rb (0.8.0)
    json (2.9.1)
    jsonpath (1.1.5)
      multi_json
    kubeclient (4.12.0)
      http (>= 3.0, < 6.0)
      jsonpath (~> 1.0)
      recursive-open-struct (~> 1.1, >= 1.1.1)
      rest-client (~> 2.0)
    language_server-protocol (3.17.0.3)
    llhttp-ffi (0.5.0)
      ffi-compiler (~> 1.0)
      rake (~> 13.0)
    logger (1.6.5)
    mime-types (3.6.0)
      logger
      mime-types-data (~> 3.2015)
    mime-types-data (3.2025.0107)
    mini_mime (1.1.5)
    minitest (4.7.5)
    msgpack (1.7.5)
    multi_json (1.15.0)
    netrc (0.11.0)
    ostruct (0.6.1)
    parallel (1.26.3)
    parser (3.3.7.0)
      ast (~> 2.4.1)
      racc
    power_assert (2.0.5)
    public_suffix (5.1.1)
    racc (1.8.1)
    rainbow (3.1.1)
    rake (13.2.1)
    recursive-open-struct (1.3.1)
      ostruct
    regexp_parser (2.10.0)
    rest-client (2.1.0)
      http-accept (>= 1.7.0, < 2.0)
      http-cookie (>= 1.0.2, < 2.0)
      mime-types (>= 1.16, < 4.0)
      netrc (~> 0.8)
    rexml (3.4.0)
    rr (3.1.1)
    rubocop (1.70.0)
      json (~> 2.3)
      language_server-protocol (>= 3.17.0)
      parallel (~> 1.10)
      parser (>= 3.3.0.2)
      rainbow (>= 2.2.2, < 4.0)
      regexp_parser (>= 2.9.3, < 3.0)
      rubocop-ast (>= 1.36.2, < 2.0)
      ruby-progressbar (~> 1.7)
      unicode-display_width (>= 2.4.0, < 4.0)
    rubocop-ast (1.37.0)
      parser (>= 3.3.1.0)
    rubocop-minitest (0.36.0)
      rubocop (>= 1.61, < 2.0)
      rubocop-ast (>= 1.31.1, < 2.0)
    rubocop-performance (1.23.1)
      rubocop (>= 1.48.1, < 2.0)
      rubocop-ast (>= 1.31.1, < 2.0)
    rubocop-rake (0.6.0)
      rubocop (~> 1.0)
    ruby-progressbar (1.13.0)
    rugged (1.9.0)
    serverengine (2.4.0)
      base64 (~> 0.1)
      logger (~> 1.4)
      sigdump (~> 0.2.2)
    sigdump (0.2.5)
    simplecov (0.22.0)
      docile (~> 1.1)
      simplecov-html (~> 0.11)
      simplecov_json_formatter (~> 0.1)
    simplecov-html (0.13.1)
    simplecov_json_formatter (0.1.4)
    sin_lru_redux (2.5.0)
    strptime (0.2.5)
    test-unit (3.5.9)
      power_assert
    test-unit-rr (1.0.5)
      rr (>= 1.1.1)
      test-unit (>= 2.5.2)
    tzinfo (2.0.6)
      concurrent-ruby (~> 1.0)
    tzinfo-data (1.2025.1)
      tzinfo (>= 1.0.0)
    unicode-display_width (3.1.4)
      unicode-emoji (~> 4.0, >= 4.0.4)
    unicode-emoji (4.0.4)
    vcr (6.3.1)
      base64
    webmock (3.24.0)
      addressable (>= 2.8.0)
      crack (>= 0.3.2)
      hashdiff (>= 0.4.0, < 2.0.0)
    webrick (1.9.1)
    yajl-ruby (1.4.3)

PLATFORMS
  ruby

DEPENDENCIES
  bump
  bundler (~> 2.0)
  codeclimate-test-reporter (< 1.0.0)
  copyright-header
  fluent-plugin-kubernetes_metadata_filter!
  minitest (~> 4.0)
  rake
  rubocop
  rubocop-minitest
  rubocop-performance
  rubocop-rake
  test-unit (~> 3.5.5)
  test-unit-rr (~> 1.0.3)
  vcr
  webmock
  yajl-ruby

BUNDLED WITH
   2.4.22
